GEM
  remote: https://rubygems.org/
  specs:
    actioncable (7.0.4)
      actionpack (= 7.0.4)
      activesupport (= 7.0.4)
      nio4r (~> 2.0)
      websocket-driver (>= 0.6.1)
    actionmailbox (7.0.4)
      actionpack (= 7.0.4)
      activejob (= 7.0.4)
      activerecord (= 7.0.4)
      activestorage (= 7.0.4)
      activesupport (= 7.0.4)
      mail (>= 2.7.1)
      net-imap
      net-pop
      net-smtp
    actionmailer (7.0.4)
      actionpack (= 7.0.4)
      actionview (= 7.0.4)
      activejob (= 7.0.4)
      activesupport (= 7.0.4)
      mail (~> 2.5, >= 2.5.4)
      net-imap
      net-pop
      net-smtp
      rails-dom-testing (~> 2.0)
    actionpack (7.0.4)
      actionview (= 7.0.4)
      activesupport (= 7.0.4)
      rack (~> 2.0, >= 2.2.0)
      rack-test (>= 0.6.3)
      rails-dom-testing (~> 2.0)
      rails-html-sanitizer (~> 1.0, >= 1.2.0)
    actiontext (7.0.4)
      actionpack (= 7.0.4)
      activerecord (= 7.0.4)
      activestorage (= 7.0.4)
      activesupport (= 7.0.4)
      globalid (>= 0.6.0)
      nokogiri (>= 1.8.5)
    actionview (7.0.4)
      activesupport (= 7.0.4)
      builder (~> 3.1)
      erubi (~> 1.4)
      rails-dom-testing (~> 2.0)
      rails-html-sanitizer (~> 1.1, >= 1.2.0)
    active_record_query_trace (1.8)
    activejob (7.0.4)
      activesupport (= 7.0.4)
      globalid (>= 0.3.6)
    activemodel (7.0.4)
      activesupport (= 7.0.4)
    activerecord (7.0.4)
      activemodel (= 7.0.4)
      activesupport (= 7.0.4)
    activerecord-session_store (2.0.0)
      actionpack (>= 5.2.4.1)
      activerecord (>= 5.2.4.1)
      multi_json (~> 1.11, >= 1.11.2)
      rack (>= 2.0.8, < 3)
      railties (>= 5.2.4.1)
    activestorage (7.0.4)
      actionpack (= 7.0.4)
      activejob (= 7.0.4)
      activerecord (= 7.0.4)
      activesupport (= 7.0.4)
      marcel (~> 1.0)
      mini_mime (>= 1.1.0)
    activesupport (7.0.4)
      concurrent-ruby (~> 1.0, >= 1.0.2)
      i18n (>= 1.6, < 2)
      minitest (>= 5.1)
      tzinfo (~> 2.0)
    addressable (2.8.0)
      public_suffix (>= 2.0.2, < 5.0)
    ast (2.4.2)
    bootsnap (1.13.0)
      msgpack (~> 1.2)
    builder (3.2.4)
    bullet (7.0.2)
      activesupport (>= 3.0.0)
      uniform_notifier (~> 1.11)
    by_star (4.0.0)
      activesupport (>= 3.2.0)
    coderay (1.1.3)
    commonmarker (0.23.6)
    concurrent-ruby (1.1.10)
    crass (1.0.6)
    cssbundling-rails (1.1.1)
      railties (>= 6.0.0)
    diff-lcs (1.5.0)
    dotenv (2.8.1)
    dotenv-rails (2.8.1)
      dotenv (= 2.8.1)
      railties (>= 3.2)
    erubi (1.11.0)
    factory_bot (6.2.1)
      activesupport (>= 5.0.0)
    factory_bot_rails (6.2.0)
      factory_bot (~> 6.2.0)
      railties (>= 5.0.0)
    faraday (2.6.0)
      faraday-net_http (>= 2.0, < 3.1)
      ruby2_keywords (>= 0.0.4)
    faraday-net_http (3.0.1)
    ffi (1.15.5)
    get_process_mem (0.2.7)
      ffi (~> 1.0)
    github-markup (4.0.1)
    globalid (1.0.0)
      activesupport (>= 5.0)
    hashie (5.0.0)
    i18n (1.12.0)
      concurrent-ruby (~> 1.0)
    jsbundling-rails (1.0.3)
      railties (>= 6.0.0)
    json (2.6.2)
    jwt (2.4.1)
    listen (3.7.1)
      rb-fsevent (~> 0.10, >= 0.10.3)
      rb-inotify (~> 0.9, >= 0.9.10)
    lograge (0.12.0)
      actionpack (>= 4)
      activesupport (>= 4)
      railties (>= 4)
      request_store (~> 1.0)
    loofah (2.19.0)
      crass (~> 1.0.2)
      nokogiri (>= 1.5.9)
    mail (2.7.1)
      mini_mime (>= 0.1.1)
    marcel (1.0.2)
    meta-tags (2.18.0)
      actionpack (>= 3.2.0, < 7.1)
    method_source (1.0.0)
    mini_mime (1.1.2)
    minitest (5.16.3)
    msgpack (1.6.0)
    multi_json (1.15.0)
    multi_xml (0.6.0)
    net-imap (0.3.1)
      net-protocol
    net-pop (0.1.2)
      net-protocol
    net-protocol (0.1.3)
      timeout
    net-smtp (0.3.3)
      net-protocol
    nio4r (2.5.8)
    nokogiri (1.13.9-arm64-darwin)
      racc (~> 1.4)
    nokogiri (1.13.9-x86_64-linux)
      racc (~> 1.4)
    oauth2 (2.0.9)
      faraday (>= 0.17.3, < 3.0)
      jwt (>= 1.0, < 3.0)
      multi_xml (~> 0.5)
      rack (>= 1.2, < 4)
      snaky_hash (~> 2.0)
      version_gem (~> 1.1)
    omniauth (2.1.0)
      hashie (>= 3.4.6)
      rack (>= 2.2.3)
      rack-protection
    omniauth-auth0 (3.0.0)
      omniauth (~> 2.0)
      omniauth-oauth2 (~> 1.7)
    omniauth-oauth2 (1.8.0)
      oauth2 (>= 1.4, < 3)
      omniauth (~> 2.0)
    omniauth-rails_csrf_protection (1.0.1)
      actionpack (>= 4.2)
      omniauth (~> 2.0)
    parallel (1.22.1)
    parser (3.1.2.1)
      ast (~> 2.4.1)
    pg (1.4.4)
    propshaft (0.6.4)
      actionpack (>= 7.0.0)
      activesupport (>= 7.0.0)
      rack
      railties (>= 7.0.0)
    pry (0.14.1)
      coderay (~> 1.1)
      method_source (~> 1.0)
    public_suffix (4.0.7)
    puma (5.6.4)
      nio4r (~> 2.0)
    puma_worker_killer (0.3.1)
      get_process_mem (~> 0.2)
      puma (>= 2.7)
    pundit (2.2.0)
      activesupport (>= 3.0.0)
    racc (1.6.0)
    rack (2.2.4)
    rack-cors (1.1.1)
      rack (>= 2.0.0)
    rack-mini-profiler (3.0.0)
      rack (>= 1.2.0)
    rack-protection (3.0.2)
      rack
    rack-test (2.0.2)
      rack (>= 1.3)
    rails (7.0.4)
      actioncable (= 7.0.4)
      actionmailbox (= 7.0.4)
      actionmailer (= 7.0.4)
      actionpack (= 7.0.4)
      actiontext (= 7.0.4)
      actionview (= 7.0.4)
      activejob (= 7.0.4)
      activemodel (= 7.0.4)
      activerecord (= 7.0.4)
      activestorage (= 7.0.4)
      activesupport (= 7.0.4)
      bundler (>= 1.15.0)
      railties (= 7.0.4)
    rails-dom-testing (2.0.3)
      activesupport (>= 4.2.0)
      nokogiri (>= 1.6)
    rails-html-sanitizer (1.4.3)
      loofah (~> 2.3)
    railties (7.0.4)
      actionpack (= 7.0.4)
      activesupport (= 7.0.4)
      method_source
      rake (>= 12.2)
      thor (~> 1.0)
      zeitwerk (~> 2.5)
    rainbow (3.1.1)
    rake (13.0.6)
    rb-fsevent (0.11.1)
    rb-inotify (0.10.1)
      ffi (~> 1.0)
    rbi (0.0.16)
      ast
      parser (>= 2.6.4.0)
      sorbet-runtime (>= 0.5.9204)
      unparser
    regexp_parser (2.6.0)
    request_store (1.5.1)
      rack (>= 1.4)
    rexml (3.2.5)
    rspec-core (3.12.0)
      rspec-support (~> 3.12.0)
    rspec-expectations (3.12.0)
      diff-lcs (>= 1.2.0, < 2.0)
      rspec-support (~> 3.12.0)
    rspec-mocks (3.12.0)
      diff-lcs (>= 1.2.0, < 2.0)
      rspec-support (~> 3.12.0)
    rspec-rails (6.0.1)
      actionpack (>= 6.1)
      activesupport (>= 6.1)
      railties (>= 6.1)
      rspec-core (~> 3.11)
      rspec-expectations (~> 3.11)
      rspec-mocks (~> 3.11)
      rspec-support (~> 3.11)
    rspec-support (3.12.0)
    rubocop (1.38.0)
      json (~> 2.3)
      parallel (~> 1.10)
      parser (>= 3.1.2.1)
      rainbow (>= 2.2.2, < 4.0)
      regexp_parser (>= 1.8, < 3.0)
      rexml (>= 3.2.5, < 4.0)
      rubocop-ast (>= 1.23.0, < 2.0)
      ruby-progressbar (~> 1.7)
      unicode-display_width (>= 1.4.0, < 3.0)
    rubocop-ast (1.23.0)
      parser (>= 3.1.1.0)
    rubocop-performance (1.15.0)
      rubocop (>= 1.7.0, < 2.0)
      rubocop-ast (>= 0.4.0)
    rubocop-rails (2.17.2)
      activesupport (>= 4.2.0)
      rack (>= 1.1)
      rubocop (>= 1.33.0, < 2.0)
    rubocop-rspec (2.11.1)
      rubocop (~> 1.19)
    rubocop-sorbet (0.6.11)
      rubocop (>= 0.90.0)
    ruby-progressbar (1.11.0)
    ruby2_keywords (0.0.5)
    snaky_hash (2.0.1)
      hashie
      version_gem (~> 1.1, >= 1.1.1)
    sorbet (0.5.10139)
      sorbet-static (= 0.5.10139)
    sorbet-runtime (0.5.10624)
    sorbet-static (0.5.10139-universal-darwin-21)
    sorbet-static (0.5.10139-x86_64-linux)
    spoom (1.1.12)
      sorbet (>= 0.5.9204)
      sorbet-runtime (>= 0.5.9204)
      thor (>= 0.19.2)
    standard (1.17.0)
      rubocop (= 1.38.0)
      rubocop-performance (= 1.15.0)
    tapioca (0.7.3)
      bundler (>= 1.17.3)
      pry (>= 0.12.2)
      rbi (~> 0.0.0, >= 0.0.14)
      sorbet-runtime (>= 0.5.9204)
      sorbet-static (>= 0.5.9204)
      spoom (~> 1.1.0, >= 1.1.11)
      thor (>= 1.2.0)
      yard-sorbet
    thor (1.2.1)
    timeout (0.3.0)
    tzinfo (2.0.5)
      concurrent-ruby (~> 1.0)
    unicode-display_width (2.3.0)
    uniform_notifier (1.16.0)
    unparser (0.6.5)
      diff-lcs (~> 1.3)
      parser (>= 3.1.0)
    version_gem (1.1.1)
    view_component (2.75.0)
      activesupport (>= 5.0.0, < 8.0)
      concurrent-ruby (~> 1.0)
      method_source (~> 1.0)
    webrick (1.7.0)
    websocket-driver (0.7.5)
      websocket-extensions (>= 0.1.0)
    websocket-extensions (0.1.5)
    yard (0.9.28)
      webrick (~> 1.7.0)
    yard-sorbet (0.7.0)
      sorbet-runtime (>= 0.5)
      yard (>= 0.9)
    zeitwerk (2.6.6)

PLATFORMS
  arm64-darwin-21
  x86_64-linux

DEPENDENCIES
  active_record_query_trace
  activerecord-session_store
  addressable
  bootsnap
  bullet
  by_star
  commonmarker
  cssbundling-rails
  dotenv-rails
  factory_bot_rails
  github-markup
  jsbundling-rails
  listen
  lograge
  meta-tags
  omniauth-auth0
  omniauth-rails_csrf_protection
  pg
  propshaft
  puma
  puma_worker_killer
  pundit
  rack-cors
  rack-mini-profiler
  rails (~> 7.0.0)
  rspec-rails
  rubocop-rails
  rubocop-rspec
  rubocop-sorbet
  sorbet
  sorbet-runtime
  standard
  tapioca
  unparser
  view_component

RUBY VERSION
   ruby 3.1.2p20

BUNDLED WITH
   2.3.12
